PATH
  remote: .
  specs:
    mudrat_projector (0.0.1)

GEM
  remote: https://rubygems.org/
  specs:
    ansi (1.4.3)
    builder (3.2.2)
    coderay (1.1.0)
    docile (1.1.1)
    hashie (2.0.5)
    method_source (0.8.2)
    minitest (5.0.8)
    minitest-reporters (1.0.0)
      ansi
      builder
      minitest (>= 5.0)
      powerbar
    multi_json (1.8.2)
    powerbar (1.0.11)
      ansi (~> 1.4.0)
      hashie (>= 1.1.0)
    pry (0.9.12.4)
      coderay (~> 1.0)
      method_source (~> 0.8)
      slop (~> 3.4)
    rake (10.1.0)
    simplecov (0.8.2)
      docile (~> 1.1.0)
      multi_json
      simplecov-html (~> 0.8.0)
    simplecov-html (0.8.0)
    slop (3.4.7)
    timecop (0.7.0)

PLATFORMS
  ruby

DEPENDENCIES
  bundler (~> 1.3)
  minitest
  minitest-reporters
  mudrat_projector!
  pry
  rake
  simplecov
  timecop
